

GROUP Builder
FRAMEWORK: NET45
NUGET
  remote: https://www.nuget.org/api/v2
    FAKE (4.61.3)
